GEM
  remote: https://rubygems.org/
  specs:
    activemodel (4.2.5.1)
      activesupport (= 4.2.5.1)
      builder (~> 3.1)
    activeresource (4.0.0)
      activemodel (~> 4.0)
      activesupport (~> 4.0)
      rails-observers (~> 0.1.1)
    activesupport (4.2.5.1)
      i18n (~> 0.7)
      json (~> 1.7, >= 1.7.7)
      minitest (~> 5.1)
      thread_safe (~> 0.3, >= 0.3.4)
      tzinfo (~> 1.1)
    builder (3.2.2)
    httparty (0.13.7)
      json (~> 1.8)
      multi_xml (>= 0.5.2)
    i18n (0.7.0)
    json (1.8.3)
    minitest (5.8.4)
    multi_xml (0.5.5)
    rack (1.6.4)
    rails-observers (0.1.2)
      activemodel (~> 4.0)
    shopify_api (4.0.7)
      activeresource
      rack
    sinatra (1.1.0)
      rack (~> 1.1)
      tilt (~> 1.1)
    thread_safe (0.3.5)
    tilt (1.4.1)
    tzinfo (1.2.2)
      thread_safe (~> 0.1)

PLATFORMS
  ruby

DEPENDENCIES
  httparty (~> 0.13.7)
  json (~> 1.8, >= 1.8.3)
  shopify_api (~> 4.0, >= 4.0.7)
  sinatra (= 1.1.0)

BUNDLED WITH
   1.11.2
